GEM
  remote: https://rubygems.org/
  specs:
    addressable (2.3.6)
    json (1.8.1)
    launchy (2.4.2)
      addressable (~> 2.3)
    mime-types (2.3)
    rest-client (1.6.7)
      mime-types (>= 1.16)

PLATFORMS
  ruby

DEPENDENCIES
  json
  launchy
  rest-client
